GEM
  remote: https://rubygems.org/
  specs:
    cls (0.0.3)
    values (1.5.0)

PLATFORMS
  ruby

DEPENDENCIES
  cls (~> 0.0.3)
  values (~> 1.5.0)
