GEM
  remote: https://rubygems.org/
  specs:
    cls (0.0.3)
    columnize (0.3.6)
    debugger (1.4.0)
      columnize (>= 0.3.1)
      debugger-linecache (~> 1.1.1)
      debugger-ruby_core_source (~> 1.2.0)
    debugger-linecache (1.1.2)
      debugger-ruby_core_source (>= 1.1.1)
    debugger-ruby_core_source (1.2.0)
    values (1.5.0)

PLATFORMS
  ruby

DEPENDENCIES
  cls (~> 0.0.3)
  debugger
  values (~> 1.5.0)
